GIT
  remote: git://github.com/planningalerts-scrapers/atdisplanningalertsfeed.git
  revision: f30486a867532abd706f470422c13558dd7c3e8f
  specs:
    atdisplanningalertsfeed (0.0.1)
      atdis
      scraperwiki-morph

GEM
  remote: https://rubygems.org/
  specs:
    activemodel (3.2.21)
      activesupport (= 3.2.21)
      builder (~> 3.0.0)
    activesupport (3.2.21)
      i18n (~> 0.6, >= 0.6.4)
      multi_json (~> 1.0)
    atdis (0.3.11)
      activemodel (~> 3)
      multi_json (~> 1.7)
      rest-client
      rgeo-geojson
    builder (3.0.4)
    httpclient (2.6.0.1)
    i18n (0.7.0)
    mime-types (2.4.3)
    multi_json (1.11.0)
    netrc (0.10.3)
    rest-client (1.7.3)
      mime-types (>= 1.16, < 3.0)
      netrc (~> 0.7)
    rgeo (0.3.20)
    rgeo-geojson (0.3.1)
      rgeo (~> 0.3)
    scraperwiki (3.0.2)
      httpclient
      sqlite_magic
    scraperwiki-morph (0.1.1)
      scraperwiki
    sqlite3 (1.3.10)
    sqlite_magic (0.0.3)
      sqlite3

PLATFORMS
  ruby

DEPENDENCIES
  atdisplanningalertsfeed!
